GEM
  remote: https://rubygems.org/
  specs:
    bigdecimal (3.1.8)
    coderay (1.1.3)
    concurrent-ruby (1.3.4)
    connection_pool (2.4.1)
    cuba (4.0.3)
      rack (>= 3.0.0)
      rack-session (>= 2.0.0)
    database_cleaner-core (2.0.1)
    database_cleaner-sequel (2.0.2)
      database_cleaner-core (~> 2.0.0)
      sequel
    logger (1.6.1)
    method_source (1.1.0)
    minitest (5.25.1)
    minitest-around (0.5.0)
      minitest (~> 5.0)
    nio4r (2.7.3)
    pg (1.5.8)
    pry (0.14.2)
      coderay (~> 1.1)
      method_source (~> 1.0)
    puma (6.4.2)
      nio4r (~> 2.0)
    rack (3.1.7)
    rack-session (2.0.0)
      rack (>= 3.0.0)
    rackup (2.1.0)
      rack (>= 3)
      webrick (~> 1.8)
    redis-client (0.22.2)
      connection_pool
    sequel (5.84.0)
      bigdecimal
    sidekiq (7.3.2)
      concurrent-ruby (< 2)
      connection_pool (>= 2.3.0)
      logger
      rack (>= 2.2.4)
      redis-client (>= 0.22.2)
    webrick (1.8.1)

PLATFORMS
  ruby
  x86_64-linux

DEPENDENCIES
  cuba
  database_cleaner-sequel
  minitest
  minitest-around
  pg
  pry
  puma
  rackup
  sequel
  sidekiq

BUNDLED WITH
   2.5.16
